PATH
  remote: .
  specs:
    flappinator (0.0.1)
      childprocess
      ruby-progressbar

GEM
  remote: http://rubygems.org/
  specs:
    childprocess (0.5.3)
      ffi (~> 1.0, >= 1.0.11)
    ffi (1.9.3)
    ruby-progressbar (1.5.1)

PLATFORMS
  ruby

DEPENDENCIES
  flappinator!
